GEM
  remote: http://rubygems.org/
  specs:
    minitest (5.14.1)

PLATFORMS
  ruby

DEPENDENCIES
  minitest (~> 5.4)

BUNDLED WITH
   2.1.4
